GIT
  remote: git@github.com:pulibrary/lcsort.git
  revision: b5a1a52e47abc11882aa503b573156bf935364a7
  specs:
    lcsort (0.1.0)

GEM
  remote: https://rubygems.org/
  specs:
    diff-lcs (1.2.5)
    dot-properties (0.1.3)
    ensure_valid_encoding (0.5.3)
    hashie (2.0.5)
    marc (0.8.1)
      ensure_valid_encoding
      unf
    marc-marc4j (0.2.0-java)
      marc (>= 0.7.1)
    rspec (3.0.0)
      rspec-core (~> 3.0.0)
      rspec-expectations (~> 3.0.0)
      rspec-mocks (~> 3.0.0)
    rspec-core (3.0.2)
      rspec-support (~> 3.0.0)
    rspec-expectations (3.0.2)
      diff-lcs (>= 1.2.0, < 2.0)
      rspec-support (~> 3.0.0)
    rspec-mocks (3.0.2)
      rspec-support (~> 3.0.0)
    rspec-support (3.0.2)
    slop (3.6.0)
    stringex (2.5.2)
    traject (1.1.0)
      dot-properties (>= 0.1.1)
      hashie (>= 2.0.5, < 2.1)
      marc (>= 0.8.0)
      marc-marc4j (>= 0.1.1)
      slop (>= 3.4.5, < 4.0)
      yell
    unf (0.1.4-java)
    yell (2.0.4)

PLATFORMS
  java

DEPENDENCIES
  lcsort!
  rspec (~> 3.0.0)
  stringex
  traject (= 1.1.0)
