GIT
  remote: https://github.com/pulibrary/lcsort.git
  revision: c5602b7665b981b494d09594cca0f0c7cac851a1
  specs:
    lcsort (0.1.1)

GIT
  remote: https://github.com/pulibrary/stringex.git
  revision: 357f70511532a35b11a240e5ae06d02725cb8d0a
  tag: vpton.2.5.2.2
  specs:
    stringex (2.5.2)

GEM
  remote: https://rubygems.org/
  specs:
    builder (3.2.2)
    concurrent-ruby (0.8.0)
      ref (~> 1.0, >= 1.0.5)
    concurrent-ruby (0.8.0-java)
    diff-lcs (1.2.5)
    dot-properties (0.1.3)
    faraday (0.9.1)
      multipart-post (>= 1.2, < 3)
    hashie (3.4.0)
    httpclient (2.6.0.1)
    marc (1.0.0)
      scrub_rb (>= 1.0.1, < 2)
      unf
    marc-fastxmlwriter (1.0.0)
      marc (~> 1.0)
    marc-marc4j (1.0.0-java)
      marc (~> 1)
    multipart-post (2.0.0)
    ref (1.0.5)
    rsolr (1.0.11)
      builder (>= 2.1.2)
    rspec (2.99.0)
      rspec-core (~> 2.99.0)
      rspec-expectations (~> 2.99.0)
      rspec-mocks (~> 2.99.0)
    rspec-core (2.99.2)
    rspec-expectations (2.99.2)
      diff-lcs (>= 1.1.3, < 2.0)
    rspec-mocks (2.99.3)
    rspec-solr (1.0.1)
      rspec
    scrub_rb (1.0.1)
    slop (3.6.0)
    traject (2.0.2)
      concurrent-ruby (>= 0.8.0)
      dot-properties (>= 0.1.1)
      hashie (~> 3.1)
      httpclient (~> 2.5)
      marc (~> 1.0)
      marc-fastxmlwriter (~> 1.0)
      slop (>= 3.4.5, < 4.0)
      yell
    traject (2.0.2-java)
      concurrent-ruby (>= 0.8.0)
      dot-properties (>= 0.1.1)
      hashie (~> 3.1)
      httpclient (~> 2.5)
      marc (~> 1.0)
      marc-fastxmlwriter (~> 1.0)
      slop (>= 3.4.5, < 4.0)
      traject-marc4j_reader (~> 1.0)
      yell
    traject-marc4j_reader (1.0.2-java)
      marc (~> 1.0)
      marc-marc4j (~> 1.0)
    unf (0.1.4)
      unf_ext
    unf (0.1.4-java)
    unf_ext (0.0.6)
    yell (2.0.5)

PLATFORMS
  java
  ruby

DEPENDENCIES
  faraday
  lcsort!
  rsolr
  rspec (~> 2.9)
  rspec-solr
  stringex!
  traject (= 2.0.2)
