GIT
  remote: git://github.com/pulibrary/lcsort.git
  revision: 3cd579a872bd2758fc3f95616d98b769508bbbfe
  specs:
    lcsort (0.1.0)

GIT
  remote: git://github.com/pulibrary/stringex.git
  revision: cb23a3090b1c24d5f569e3910f57f94ab116e66d
  tag: vpton.2.5.2
  specs:
    stringex (2.5.2)

GEM
  remote: https://rubygems.org/
  specs:
    diff-lcs (1.2.5)
    dot-properties (0.1.3)
    ensure_valid_encoding (0.5.3)
    hashie (2.0.5)
    marc (0.8.2)
      ensure_valid_encoding
      scrub_rb (>= 1.0.1, < 2)
      unf
    marc-marc4j (0.2.0-java)
      marc (>= 0.7.1)
    rspec (3.0.0)
      rspec-core (~> 3.0.0)
      rspec-expectations (~> 3.0.0)
      rspec-mocks (~> 3.0.0)
    rspec-core (3.0.4)
      rspec-support (~> 3.0.0)
    rspec-expectations (3.0.4)
      diff-lcs (>= 1.2.0, < 2.0)
      rspec-support (~> 3.0.0)
    rspec-mocks (3.0.4)
      rspec-support (~> 3.0.0)
    rspec-support (3.0.4)
    scrub_rb (1.0.1)
    slop (3.6.0)
    traject (1.1.0)
      dot-properties (>= 0.1.1)
      hashie (>= 2.0.5, < 2.1)
      marc (>= 0.8.0)
      marc-marc4j (>= 0.1.1)
      slop (>= 3.4.5, < 4.0)
      yell
    unf (0.1.4-java)
    yell (2.0.5)

PLATFORMS
  java

DEPENDENCIES
  lcsort!
  rspec (~> 3.0.0)
  stringex!
  traject (= 1.1.0)
